GEM
  remote: http://rubygems.org/
  specs:
    cool.io (1.5.3)
    fluent-plugin-datadog (0.10.4)
    fluent-plugin-td (0.10.29)
      fluentd (>= 0.10.27, < 2)
      td-client (~> 0.8.66)
    fluentd (0.12.43)
      cool.io (>= 1.2.2, < 2.0.0)
      http_parser.rb (>= 0.5.1, < 0.7.0)
      json (>= 1.4.3)
      msgpack (>= 0.5.11, < 2)
      sigdump (~> 0.2.2)
      string-scrub (>= 0.0.3, <= 0.0.5)
      tzinfo (>= 1.0.0)
      tzinfo-data (>= 1.0.0)
      yajl-ruby (~> 1.0)
    http_parser.rb (0.6.0)
    httpclient (2.8.3)
    json (2.1.0)
    msgpack (1.2.4)
    sigdump (0.2.4)
    string-scrub (0.0.5)
    td-client (0.8.85)
      httpclient (>= 2.7)
      json (>= 1.7.6)
      msgpack (>= 0.5.6, < 2)
    thread_safe (0.3.6)
    tzinfo (1.2.5)
      thread_safe (~> 0.1)
    tzinfo-data (1.2018.7)
      tzinfo (>= 1.0.0)
    yajl-ruby (1.4.1)

PLATFORMS
  ruby

DEPENDENCIES
  fluent-plugin-datadog (~> 0.10.4)
  fluent-plugin-td (= 0.10.29)
  fluentd (~> 0.12.29)

RUBY VERSION
   ruby 2.4.5p335

BUNDLED WITH
   1.16.2
